GEM
  source 'https://rubygems.org'
gem 'nokogiri'
gem 'rack', '~> 2.2.4'
gem 'rspec'

PLATFORMS
  arm64-darwin-21

DEPENDENCIES

BUNDLED WITH
   2.4.10
